PATH
  remote: .
  specs:
    artext (0.0.4)
      addressable (~> 2.5)
      fastimage (~> 2.1)
      httparty (~> 0.14)
      mini_magick (~> 4.8)
      nokogiri (~> 1.8)

GEM
  remote: https://rubygems.org/
  specs:
    addressable (2.5.2)
      public_suffix (>= 2.0.2, < 4.0)
    diff-lcs (1.3)
    fastimage (2.1.4)
    httparty (0.16.2)
      multi_xml (>= 0.5.2)
    mini_magick (4.9.2)
    mini_portile2 (2.3.0)
    multi_xml (0.6.0)
    nokogiri (1.8.5)
      mini_portile2 (~> 2.3.0)
    public_suffix (3.0.3)
    rake (10.5.0)
    rspec (3.8.0)
      rspec-core (~> 3.8.0)
      rspec-expectations (~> 3.8.0)
      rspec-mocks (~> 3.8.0)
    rspec-core (3.8.0)
      rspec-support (~> 3.8.0)
    rspec-expectations (3.8.2)
      diff-lcs (>= 1.2.0, < 2.0)
      rspec-support (~> 3.8.0)
    rspec-mocks (3.8.0)
      diff-lcs (>= 1.2.0, < 2.0)
      rspec-support (~> 3.8.0)
    rspec-support (3.8.0)

PLATFORMS
  ruby

DEPENDENCIES
  artext!
  bundler (~> 1.6)
  rake (~> 10.0)
  rspec (~> 3.3)

BUNDLED WITH
   1.16.3
