PATH
  remote: .
  specs:
    artext (0.0.1)
      addressable (~> 2.3)
      fastimage (~> 1.6)
      httparty (~> 0.13)
      mini_magick (~> 3.7)
      nokogiri (~> 1.6)

GEM
  remote: https://rubygems.org/
  specs:
    addressable (2.3.8)
    diff-lcs (1.2.5)
    fastimage (1.7.0)
      addressable (~> 2.3, >= 2.3.5)
    httparty (0.13.5)
      json (~> 1.8)
      multi_xml (>= 0.5.2)
    json (1.8.3)
    mini_magick (3.8.1)
      subexec (~> 0.2.1)
    mini_portile (0.6.2)
    multi_xml (0.5.5)
    nokogiri (1.6.6.2)
      mini_portile (~> 0.6.0)
    rake (10.4.2)
    rspec (3.3.0)
      rspec-core (~> 3.3.0)
      rspec-expectations (~> 3.3.0)
      rspec-mocks (~> 3.3.0)
    rspec-core (3.3.2)
      rspec-support (~> 3.3.0)
    rspec-expectations (3.3.1)
      diff-lcs (>= 1.2.0, < 2.0)
      rspec-support (~> 3.3.0)
    rspec-mocks (3.3.2)
      diff-lcs (>= 1.2.0, < 2.0)
      rspec-support (~> 3.3.0)
    rspec-support (3.3.0)
    subexec (0.2.3)

PLATFORMS
  ruby

DEPENDENCIES
  artext!
  bundler (~> 1.6)
  rake (~> 10.0)
  rspec (~> 3.3)

BUNDLED WITH
   1.10.6
